PATH
  remote: .
  specs:
    delorean (0.2.0)
      chronic

GEM
  remote: http://rubygems.org/
  specs:
    activesupport (2.3.10)
    chronic (0.3.0)
    rspec (1.3.1)

PLATFORMS
  ruby

DEPENDENCIES
  activesupport (~> 2.3.0)
  chronic
  delorean!
  rspec (~> 1.3.0)
