PATH
  remote: .
  specs:
    delorean (1.1.1)
      chronic

GEM
  remote: http://rubygems.org/
  specs:
    activesupport (3.2.3)
      i18n (~> 0.6)
      multi_json (~> 1.0)
    chronic (0.6.7)
    diff-lcs (1.1.3)
    i18n (0.6.0)
    multi_json (1.3.0)
    rake (0.9.2.2)
    rspec (2.9.0)
      rspec-core (~> 2.9.0)
      rspec-expectations (~> 2.9.0)
      rspec-mocks (~> 2.9.0)
    rspec-core (2.9.0)
    rspec-expectations (2.9.1)
      diff-lcs (~> 1.1.3)
    rspec-mocks (2.9.0)

PLATFORMS
  ruby

DEPENDENCIES
  activesupport (> 2.3.0)
  delorean!
  rake
  rspec (~> 2.9.0)
