PATH
  remote: .
  specs:
    delorean (1.0.1)
      chronic

GEM
  remote: http://rubygems.org/
  specs:
    activesupport (2.3.10)
    chronic (0.4.4)
    rake (0.8.7)
    rspec (1.3.1)

PLATFORMS
  ruby

DEPENDENCIES
  activesupport (~> 2.3.0)
  delorean!
  rake
  rspec (~> 1.3.0)
